PATH
  remote: .
  specs:
    uuid_shortner (0.0.1)

GEM
  remote: https://rubygems.org/
  specs:
    diff-lcs (1.2.4)
    gem-release (0.6.0)
    macaddr (1.6.1)
      systemu (~> 2.5.0)
    rake (10.1.0)
    rspec (2.14.0)
      rspec-core (~> 2.14.0)
      rspec-expectations (~> 2.14.0)
      rspec-mocks (~> 2.14.0)
    rspec-core (2.14.1)
    rspec-expectations (2.14.0)
      diff-lcs (>= 1.1.3, < 2.0)
    rspec-mocks (2.14.1)
    systemu (2.5.2)
    uuid (2.3.7)
      macaddr (~> 1.0)

PLATFORMS
  ruby

DEPENDENCIES
  bundler (~> 1.3)
  gem-release
  rake
  rspec
  uuid
  uuid_shortner!
